GEM
  remote: https://rubygems.org/
  remote: http://gems.github.com/
  specs:
    capistrano (2.15.5)
      highline
      net-scp (>= 1.0.0)
      net-sftp (>= 2.0.0)
      net-ssh (>= 2.0.14)
      net-ssh-gateway (>= 1.1.0)
    capistrano-ext (1.2.1)
      capistrano (>= 1.0.0)
    colored (1.2)
    highline (1.7.1)
    net-scp (1.2.1)
      net-ssh (>= 2.6.5)
    net-sftp (2.1.2)
      net-ssh (>= 2.6.5)
    net-ssh (2.9.2)
    net-ssh-gateway (1.2.0)
      net-ssh (>= 2.6.5)
    sass (3.3.14)

PLATFORMS
  ruby

DEPENDENCIES
  capistrano (~> 2.15)
  capistrano-ext (~> 1.2.1)
  colored (~> 1.2)
  sass (~> 3.3.10)
